GIT
  remote: https://github.com/uklibraries/bagit.git
  revision: 7d8bfa563b14005f37f85e67f7dc7805f06b15b1
  specs:
    bagit (0.3.3)
      docopt (~> 0.5.0)
      validatable (~> 1.6)

GEM
  remote: https://rubygems.org/
  specs:
    docopt (0.5.0)
    filelock (1.1.1)
    mono_logger (1.1.0)
    multi_json (1.12.1)
    rack (1.6.4)
    rack-protection (1.5.3)
      rack
    rake (11.3.0)
    redis (3.3.0)
    redis-namespace (1.5.2)
      redis (~> 3.0, >= 3.0.4)
    resque (1.26.0)
      mono_logger (~> 1.0)
      multi_json (~> 1.0)
      redis-namespace (~> 1.3)
      sinatra (>= 0.9.2)
      vegas (~> 0.1.2)
    sinatra (1.4.7)
      rack (~> 1.5)
      rack-protection (~> 1.4)
      tilt (>= 1.3, < 3)
    tilt (2.0.5)
    validatable (1.6.7)
    vegas (0.1.11)
      rack (>= 1.0.0)

PLATFORMS
  ruby

DEPENDENCIES
  bagit!
  filelock
  rake
  resque

BUNDLED WITH
   1.12.5
